{
	"CapManufacturer": "Biosemi",
	"CapManufacturersModelName": "CAP 64 10/20",
	"CogAtlasID": "http://www.cognitiveatlas.org/task/id/trm_551f06a08dcc4/",
	"ECGChannelCount": 0,
	"EEGChannelCount": 64,
	"EEGGround": "DRL, placed in DRL slot of Biosemi cap",
	"EEGPlacementScheme": "10-20",
	"EEGReference": "CMS, placed in CMS slot of Biosemi cap",
	"EMGChannelCount": 0,
	"EOGChannelCount": 0,
	"EpochLength": 1222,
	"InstitutionAddress": "Nieuwe Achtergracht 129B; 1018 WS, Amsterdam, The Netherlands",
	"InstitutionName": "Department of Psychology, University of Amsterdam",
	"Manufacturer": "Biosemi",
	"ManufacturersModelName": "ActiveTwo",
	"MiscChannelCount": 9,
	"PowerLineFrequency": 50,
	"RecordingDuration": 1222,
	"RecordingType": "continuous",
	"SamplingFrequency": 512,
	"SoftwareFilters": "n/a",
	"SoftwareVersions": "ActiView version 7.05",
	"SubjectArtefactDescription": "1 mA transcranial Direct Current Stimulation; 7x5 mm electrode on F3, 7x5 mm electrode on right forehead (FP2)",
	"TaskName": "Attentional blink",
	"TriggerChannelCount": 0
}
